PATH
  remote: .
  specs:
    omg_pull_request (0.0.6)
      activesupport (>= 3.2.8)
      aws-s3 (>= 0.6.3)
      faraday (>= 0.8.4)
      github_api (>= 0.6.5)
      i18n (>= 0.6.0)
      rake (>= 0.9.2.2)
      uuid (>= 2.3.5)

GEM
  remote: http://rubygems.org/
  specs:
    activesupport (3.2.8)
      i18n (~> 0.6)
      multi_json (~> 1.0)
    aws-s3 (0.6.3)
      builder
      mime-types
      xml-simple
    builder (3.0.0)
    fakeweb (1.3.0)
    faraday (0.8.4)
      multipart-post (~> 1.1)
    github_api (0.6.5)
      faraday (~> 0.8.1)
      hashie (~> 1.2.0)
      multi_json (~> 1.3)
      nokogiri (~> 1.5.2)
      oauth2
    hashie (1.2.0)
    httpauth (0.1)
    i18n (0.6.0)
    jwt (0.1.5)
      multi_json (>= 1.0)
    macaddr (1.6.1)
      systemu (~> 2.5.0)
    metaclass (0.0.1)
    mime-types (1.19)
    minitest (3.3.0)
    mocha (0.11.4)
      metaclass (~> 0.0.1)
    multi_json (1.3.6)
    multipart-post (1.1.5)
    nokogiri (1.5.5)
    oauth2 (0.8.0)
      faraday (~> 0.8)
      httpauth (~> 0.1)
      jwt (~> 0.1.4)
      multi_json (~> 1.0)
      rack (~> 1.2)
    rack (1.4.1)
    rake (0.9.2.2)
    systemu (2.5.2)
    uuid (2.3.5)
      macaddr (~> 1.0)
    xml-simple (1.1.1)

PLATFORMS
  ruby

DEPENDENCIES
  fakeweb
  minitest
  mocha
  omg_pull_request!
